GEM
  remote: https://rubygems.org/
  specs:
    addressable (2.5.2)
      public_suffix (>= 2.0.2, < 4.0)
    byebug (10.0.2)
    down (4.6.0)
      addressable (~> 2.5)
    mini_portile2 (2.3.0)
    nokogiri (1.8.5)
      mini_portile2 (~> 2.3.0)
    parallel (1.12.1)
    public_suffix (3.0.3)
    ruby-progressbar (1.10.0)

PLATFORMS
  ruby

DEPENDENCIES
  byebug (~> 10.0)
  down (~> 4.6)
  nokogiri (~> 1.8)
  parallel (~> 1.12)
  ruby-progressbar (~> 1.10)

BUNDLED WITH
   1.16.6
