GEM
  remote: https://rubygems.org/
  specs:
    addressable (2.5.2)
      public_suffix (>= 2.0.2, < 4.0)
    down (4.6.0)
      addressable (~> 2.5)
    parallel (1.12.1)
    public_suffix (3.0.3)
    ruby-progressbar (1.10.0)

PLATFORMS
  ruby

DEPENDENCIES
  down
  parallel
  ruby-progressbar

BUNDLED WITH
   1.16.4
